GEM
  remote: http://rubygems.org/
  specs:
    builder (3.2.2)
    curb (0.8.8)
    hpricot (0.8.6)
    json (1.8.3)
    route53 (0.2.2)
      builder
      hpricot
      ruby-hmac
    ruby-hmac (0.4.0)

PLATFORMS
  ruby

DEPENDENCIES
  curb
  json
  route53 (~> 0.2.1)
